GEM
  remote: https://rubygems.org/
  specs:
    activemodel (4.1.8)
      activesupport (= 4.1.8)
      builder (~> 3.1)
    activerecord (4.1.8)
      activemodel (= 4.1.8)
      activesupport (= 4.1.8)
      arel (~> 5.0.0)
    activesupport (4.1.8)
      i18n (~> 0.6, >= 0.6.9)
      json (~> 1.7, >= 1.7.7)
      minitest (~> 5.1)
      thread_safe (~> 0.1)
      tzinfo (~> 1.1)
    adamantium (0.2.0)
      ice_nine (~> 0.11.0)
      memoizable (~> 0.4.0)
    arel (5.0.1.20140414130214)
    bcrypt (3.1.9)
    builder (3.2.2)
    celluloid (0.16.0)
      timers (~> 4.0.0)
    coderay (1.1.0)
    coercible (1.0.0)
      descendants_tracker (~> 0.0.1)
    descendants_tracker (0.0.4)
      thread_safe (~> 0.3, >= 0.3.1)
    diff-lcs (1.2.5)
    dotenv (1.0.2)
    envied (0.8.1)
      coercible (~> 1.0)
      rack (~> 1.4)
      thor (~> 0.15)
    ffi (1.9.6)
    formatador (0.2.5)
    guard (2.10.2)
      formatador (>= 0.2.4)
      listen (~> 2.7)
      lumberjack (~> 1.0)
      pry (>= 0.9.12)
      thor (>= 0.18.1)
    hitimes (1.2.2)
    i18n (0.6.11)
    ice_nine (0.11.1)
    json (1.8.1)
    jwt (1.2.0)
    listen (2.8.3)
      celluloid (>= 0.15.2)
      rb-fsevent (>= 0.9.3)
      rb-inotify (>= 0.9)
    lumberjack (1.0.9)
    memoizable (0.4.2)
      thread_safe (~> 0.3, >= 0.3.1)
    method_source (0.8.2)
    minitest (5.5.0)
    moneta (0.8.0)
    oj (2.11.1)
    pg (0.17.1)
    pry (0.10.1)
      coderay (~> 1.1.0)
      method_source (~> 0.8.1)
      slop (~> 3.4)
    puma (2.10.2)
      rack (>= 1.1, < 2.0)
    rack (1.5.2)
    rack-accept_setter (1.0.0)
    rack-authentication_bearer (1.0.0)
    rack-body_deserializer (1.0.1)
    rack-body_serializer (1.0.0)
    rack-chunker (1.0.0)
    rack-content_length_setter (1.0.0)
    rack-cors (0.2.9)
    rack-log (1.0.0)
    rack-protection (1.5.3)
      rack
    rack-runtime (1.0.0)
    rake (10.4.2)
    rb-fsevent (0.9.4)
    rb-inotify (0.9.5)
      ffi (>= 0.5.0)
    rspec (3.1.0)
      rspec-core (~> 3.1.0)
      rspec-expectations (~> 3.1.0)
      rspec-mocks (~> 3.1.0)
    rspec-core (3.1.7)
      rspec-support (~> 3.1.0)
    rspec-expectations (3.1.2)
      diff-lcs (>= 1.2.0, < 2.0)
      rspec-support (~> 3.1.0)
    rspec-mocks (3.1.3)
      rspec-support (~> 3.1.0)
    rspec-support (3.1.2)
    scrawl (1.0.0)
    shogun (6.0.0)
      activerecord (~> 4.1)
      adamantium (~> 0.2)
      rack (~> 1.5)
      rack-accept_setter (~> 1.0)
      rack-authentication_bearer (~> 1.0)
      rack-body_deserializer (~> 1.0)
      rack-body_serializer (~> 1.0)
      rack-chunker (~> 1.0)
      rack-content_length_setter (~> 1.0)
      rack-cors (~> 0.2)
      rack-log (~> 1.0)
      rack-protection (~> 1.5)
      rack-runtime (~> 1.0)
      rake (~> 10.1)
      scrawl (~> 1.0)
    slop (3.6.0)
    thor (0.19.1)
    thread_safe (0.3.4)
    timers (4.0.1)
      hitimes
    tzinfo (1.2.2)
      thread_safe (~> 0.1)

PLATFORMS
  ruby

DEPENDENCIES
  bcrypt (~> 3.1.9)
  dotenv (~> 1.0.2)
  envied (~> 0.8.1)
  guard (~> 2.10.2)
  jwt (~> 1.2.0)
  moneta (~> 0.8.0)
  oj (~> 2.11.1)
  pg (~> 0.17.1)
  pry (~> 0.10.1)
  puma (~> 2.10.2)
  rspec (~> 3.1.0)
  shogun (~> 6.0.0)
